GIT
  remote: git@github.com:alphagov/slimmer.git
  revision: a1953e68f5cbcdcf198b1e2f1e736823655b4425
  specs:
    slimmer (0.9.0.beta)
      nokogiri (~> 1.5.0)
      rack (~> 1.3.5)

GIT
  remote: https://github.com/alphagov/delsolr.git
  revision: a89291920000e76415d05f85df5df59b44814a47
  specs:
    delsolr (0.1.5)

GIT
  remote: https://github.com/alphagov/geogov.git
  revision: 0d92835dec01266bc3611800850b6abf6923690f
  specs:
    geogov (0.0.2)

GEM
  remote: http://rubygems.org/
  remote: https://gems.gemfury.com/vo6ZrmjBQu5szyywDszE/
  specs:
    actionmailer (3.1.1)
      actionpack (= 3.1.1)
      mail (~> 2.3.0)
    actionpack (3.1.1)
      activemodel (= 3.1.1)
      activesupport (= 3.1.1)
      builder (~> 3.0.0)
      erubis (~> 2.7.0)
      i18n (~> 0.6)
      rack (~> 1.3.2)
      rack-cache (~> 1.1)
      rack-mount (~> 0.8.2)
      rack-test (~> 0.6.1)
      sprockets (~> 2.0.2)
    activemodel (3.1.1)
      activesupport (= 3.1.1)
      builder (~> 3.0.0)
      i18n (~> 0.6)
    activerecord (3.1.1)
      activemodel (= 3.1.1)
      activesupport (= 3.1.1)
      arel (~> 2.2.1)
      tzinfo (~> 0.3.29)
    activeresource (3.1.1)
      activemodel (= 3.1.1)
      activesupport (= 3.1.1)
    activesupport (3.1.1)
      multi_json (~> 1.0)
    addressable (2.2.6)
    akami (1.0.0)
      gyoku (>= 0.4.0)
    arel (2.2.1)
    builder (3.0.0)
    chunky_png (1.2.5)
    ci_reporter (1.6.5)
      builder (>= 2.1.2)
    coffee-rails (3.1.1)
      coffee-script (>= 2.2.0)
      railties (~> 3.1.0)
    coffee-script (2.2.0)
      coffee-script-source
      execjs
    coffee-script-source (1.1.2)
    compass (0.12.alpha.0)
      chunky_png (~> 1.2)
      fssm (>= 0.2.7)
      sass (~> 3.1)
    crack (0.3.1)
    erubis (2.7.0)
    execjs (1.2.9)
      multi_json (~> 1.0)
    factory_girl (2.2.0)
      activesupport
    factory_girl_rails (1.3.0)
      factory_girl (~> 2.2.0)
      railties (>= 3.0.0)
    fssm (0.2.7)
    gyoku (0.4.4)
      builder (>= 2.1.2)
    hike (1.2.1)
    httpi (0.9.5)
      rack
    i18n (0.6.0)
    jquery-rails (1.0.16)
      railties (~> 3.0)
      thor (~> 0.14)
    json (1.6.1)
    libv8 (3.3.10.2)
    mail (2.3.0)
      i18n (>= 0.4.0)
      mime-types (~> 1.16)
      treetop (~> 1.4.8)
    metaclass (0.0.1)
    mime-types (1.17.1)
    mocha (0.10.0)
      metaclass (~> 0.0.1)
    multi_json (1.0.3)
    mysql2 (0.3.7)
    nokogiri (1.5.0)
    nori (1.0.2)
    null_logger (0.0.1)
    plek (0.1.7)
      builder
    polyglot (0.3.2)
    rack (1.3.5)
    rack-cache (1.1)
      rack (>= 0.4)
    rack-mount (0.8.3)
      rack (>= 1.0.0)
    rack-ssl (1.3.2)
      rack
    rack-test (0.6.1)
      rack (>= 1.0)
    rails (3.1.1)
      actionmailer (= 3.1.1)
      actionpack (= 3.1.1)
      activerecord (= 3.1.1)
      activeresource (= 3.1.1)
      activesupport (= 3.1.1)
      bundler (~> 1.0)
      railties (= 3.1.1)
    rails_autolink (1.0.4)
      rails (>= 3.1.0)
    railties (3.1.1)
      actionpack (= 3.1.1)
      activesupport (= 3.1.1)
      rack-ssl (~> 1.3.2)
      rake (>= 0.8.7)
      rdoc (~> 3.4)
      thor (~> 0.14.6)
    rake (0.9.2)
    rdoc (3.11)
      json (~> 1.4)
    retry-this (1.1)
    router-client (1.0.0)
      builder
      null_logger
    sass (3.1.10)
    sass-rails (3.1.4)
      actionpack (~> 3.1.0)
      railties (~> 3.1.0)
      sass (>= 3.1.4)
      sprockets (~> 2.0.0)
      tilt (~> 1.3.2)
    savon (0.9.7)
      akami (~> 1.0)
      builder (>= 2.1.2)
      gyoku (>= 0.4.0)
      httpi (~> 0.9)
      nokogiri (>= 1.4.0)
      nori (~> 1.0)
      wasabi (~> 2.0)
    simplecov (0.5.4)
      multi_json (~> 1.0.3)
      simplecov-html (~> 0.5.3)
    simplecov-html (0.5.3)
    simplecov-rcov (0.2.3)
      simplecov (>= 0.4.1)
    sprockets (2.0.3)
      hike (~> 1.2)
      rack (~> 1.0)
      tilt (~> 1.1, != 1.3.0)
    sqlite3 (1.3.4)
    test-unit (2.4.0)
    therubyracer (0.9.8)
      libv8 (~> 3.3.10)
    thor (0.14.6)
    tilt (1.3.3)
    treetop (1.4.10)
      polyglot
      polyglot (>= 0.3.1)
    tzinfo (0.3.30)
    uglifier (1.0.4)
      execjs (>= 0.3.0)
      multi_json (>= 1.0.2)
    wasabi (2.0.0)
      nokogiri (>= 1.4.0)
    webmock (1.7.7)
      addressable (~> 2.2, > 2.2.5)
      crack (>= 0.1.7)

PLATFORMS
  ruby

DEPENDENCIES
  ci_reporter
  coffee-rails (~> 3.1.0)
  compass (~> 0.12.alpha.0)
  delsolr!
  factory_girl_rails
  geogov!
  jquery-rails
  json
  mocha
  mysql2
  plek (= 0.1.7)
  rack (= 1.3.5)
  rails (= 3.1.1)
  rails_autolink
  rake (= 0.9.2)
  retry-this
  router-client
  sass-rails (~> 3.1.0)
  savon
  simplecov
  simplecov-rcov
  slimmer!
  sqlite3
  test-unit
  therubyracer
  uglifier
  webmock
