GIT
  remote: git@github.com:alphagov/rummageable.git
  revision: e66b12f47dadd466db2d8407628b31b7f29e8054
  specs:
    rummageable (0.1.0)
      json
      plek
      rest-client

GIT
  remote: https://github.com/alphagov/delsolr.git
  revision: f029d6ff72b37a5f6272b7a6d29a39fb1b30af93
  specs:
    delsolr (0.1.5)
      builder (>= 2.0.0)

GEM
  remote: http://rubygems.org/
  remote: https://gems.gemfury.com/vo6ZrmjBQu5szyywDszE/
  specs:
    actionmailer (3.1.1)
      actionpack (= 3.1.1)
      mail (~> 2.3.0)
    actionpack (3.1.1)
      activemodel (= 3.1.1)
      activesupport (= 3.1.1)
      builder (~> 3.0.0)
      erubis (~> 2.7.0)
      i18n (~> 0.6)
      rack (~> 1.3.2)
      rack-cache (~> 1.1)
      rack-mount (~> 0.8.2)
      rack-test (~> 0.6.1)
      sprockets (~> 2.0.2)
    activemodel (3.1.1)
      activesupport (= 3.1.1)
      builder (~> 3.0.0)
      i18n (~> 0.6)
    activerecord (3.1.1)
      activemodel (= 3.1.1)
      activesupport (= 3.1.1)
      arel (~> 2.2.1)
      tzinfo (~> 0.3.29)
    activeresource (3.1.1)
      activemodel (= 3.1.1)
      activesupport (= 3.1.1)
    activesupport (3.1.1)
      multi_json (~> 1.0)
    addressable (2.2.6)
    akami (1.0.0)
      gyoku (>= 0.4.0)
    arel (2.2.1)
    aws-ses (0.4.4)
      builder
      mail (> 2.2.5)
      mime-types
      xml-simple
    builder (3.0.0)
    chunky_png (1.2.5)
    ci_reporter (1.6.8)
      builder (>= 2.1.2)
    coffee-rails (3.1.1)
      coffee-script (>= 2.2.0)
      railties (~> 3.1.0)
    coffee-script (2.2.0)
      coffee-script-source
      execjs
    coffee-script-source (1.1.3)
    compass (0.12.alpha.2)
      chunky_png (~> 1.2)
      fssm (>= 0.2.7)
      sass (~> 3.1)
    crack (0.3.1)
    erubis (2.7.0)
    exception_notification (2.5.2)
      actionmailer (>= 3.0.4)
    execjs (1.2.12)
      multi_json (~> 1.0)
    factory_girl (2.3.2)
      activesupport
    factory_girl_rails (1.4.0)
      factory_girl (~> 2.3.0)
      railties (>= 3.0.0)
    fssm (0.2.7)
    gds-warmup-controller (0.0.2)
      rails (>= 3.0.0)
    gelf (1.1.3)
      json
    geogov (0.0.6)
    graylog2_exceptions (1.3.0)
      gelf (= 1.1.3)
    gyoku (0.4.4)
      builder (>= 2.1.2)
    hike (1.2.1)
    httpi (0.9.5)
      rack
    i18n (0.6.0)
    jquery-rails (1.0.19)
      railties (~> 3.0)
      thor (~> 0.14)
    json (1.6.5)
    libv8 (3.3.10.4)
    mail (2.3.0)
      i18n (>= 0.4.0)
      mime-types (~> 1.16)
      treetop (~> 1.4.8)
    metaclass (0.0.1)
    mime-types (1.17.2)
    mocha (0.10.0)
      metaclass (~> 0.0.1)
    multi_json (1.0.4)
    mysql2 (0.3.11)
    nokogiri (1.5.0)
    nori (1.0.2)
    null_logger (0.0.1)
    plek (0.1.20)
      builder
    polyglot (0.3.3)
    rack (1.3.5)
    rack-cache (1.1)
      rack (>= 0.4)
    rack-geo (0.8.5)
      geogov
      json
      rack
    rack-mount (0.8.3)
      rack (>= 1.0.0)
    rack-ssl (1.3.2)
      rack
    rack-test (0.6.1)
      rack (>= 1.0)
    rails (3.1.1)
      actionmailer (= 3.1.1)
      actionpack (= 3.1.1)
      activerecord (= 3.1.1)
      activeresource (= 3.1.1)
      activesupport (= 3.1.1)
      bundler (~> 1.0)
      railties (= 3.1.1)
    rails_autolink (1.0.4)
      rails (>= 3.1.0)
    railties (3.1.1)
      actionpack (= 3.1.1)
      activesupport (= 3.1.1)
      rack-ssl (~> 1.3.2)
      rake (>= 0.8.7)
      rdoc (~> 3.4)
      thor (~> 0.14.6)
    rake (0.9.2)
    rdoc (3.11)
      json (~> 1.4)
    rest-client (1.6.7)
      mime-types (>= 1.16)
    retry-this (1.1)
    router-client (2.0.3)
      builder
      null_logger
    sass (3.1.11)
    sass-rails (3.1.5)
      actionpack (~> 3.1.0)
      railties (~> 3.1.0)
      sass (~> 3.1.10)
      tilt (~> 1.3.2)
    savon (0.9.7)
      akami (~> 1.0)
      builder (>= 2.1.2)
      gyoku (>= 0.4.0)
      httpi (~> 0.9)
      nokogiri (>= 1.4.0)
      nori (~> 1.0)
      wasabi (~> 2.0)
    simplecov (0.5.4)
      multi_json (~> 1.0.3)
      simplecov-html (~> 0.5.3)
    simplecov-html (0.5.3)
    simplecov-rcov (0.2.3)
      simplecov (>= 0.4.1)
    slimmer (1.1.27)
      json
      nokogiri (~> 1.5.0)
      null_logger
      plek (>= 0.1.8)
      rack (~> 1.3.5)
    sprockets (2.0.3)
      hike (~> 1.2)
      rack (~> 1.0)
      tilt (~> 1.1, != 1.3.0)
    sqlite3 (1.3.5)
    test-unit (2.4.3)
    therubyracer (0.9.9)
      libv8 (~> 3.3.10)
    thor (0.14.6)
    tilt (1.3.3)
    treetop (1.4.10)
      polyglot
      polyglot (>= 0.3.1)
    tzinfo (0.3.31)
    uglifier (1.2.0)
      execjs (>= 0.3.0)
      multi_json (>= 1.0.2)
    wasabi (2.0.0)
      nokogiri (>= 1.4.0)
    webmock (1.7.8)
      addressable (~> 2.2, > 2.2.5)
      crack (>= 0.1.7)
    xml-simple (1.1.1)

PLATFORMS
  ruby

DEPENDENCIES
  aws-ses
  ci_reporter
  coffee-rails (~> 3.1.0)
  compass (~> 0.12.alpha.0)
  delsolr!
  exception_notification
  factory_girl_rails
  gds-warmup-controller
  gelf
  geogov (~> 0.0.4)
  graylog2_exceptions
  jquery-rails
  json
  mocha
  mysql2
  plek (~> 0)
  rack (= 1.3.5)
  rack-geo (~> 0.8.1)
  rails (= 3.1.1)
  rails_autolink
  rake (= 0.9.2)
  retry-this
  router-client (= 2.0.3)
  rummageable!
  sass-rails (~> 3.1.0)
  savon
  simplecov
  simplecov-rcov
  slimmer (~> 1.1)
  sqlite3
  test-unit
  therubyracer
  uglifier
  webmock
